GIT
  remote: git://github.com/ashmckenzie/percheron.git
  revision: da25b05e861153f2be9899bdcc84d1068dd48493
  ref: da25b05e861153f2be9899bdcc84d1068dd48493
  specs:
    percheron (0.9.0.pre.dev)
      clamp (~> 1.0.0)
      docker-api (~> 1.0)
      hashie (~> 3.4.0)
      highline (~> 1.7.1)
      liquid (~> 3.0.0)
      metastore (~> 0.3.0)
      naught (~> 1.0.0)
      ruby-graphviz (~> 1.2.0)
      semantic (~> 1.4.0)
      terminal-table (~> 1.5.0)

GEM
  remote: https://rubygems.org/
  specs:
    byebug (9.0.3)
    clamp (1.0.0)
    coderay (1.1.1)
    docker-api (1.28.0)
      excon (>= 0.38.0)
      json
    excon (0.49.0)
    hashie (3.4.4)
    highline (1.7.8)
    json (1.8.3)
    liquid (3.0.6)
    metastore (0.3.0)
    method_source (0.8.2)
    naught (1.0.0)
    pry (0.10.3)
      coderay (~> 1.1.0)
      method_source (~> 0.8.1)
      slop (~> 3.4)
    pry-byebug (3.4.0)
      byebug (~> 9.0)
      pry (~> 0.10)
    ruby-graphviz (1.2.2)
    semantic (1.4.1)
    slop (3.6.0)
    terminal-table (1.5.2)

PLATFORMS
  ruby

DEPENDENCIES
  percheron!
  pry-byebug

BUNDLED WITH
   1.11.2
